GEM
  remote: https://rubygems.org/
  specs:
    activesupport (4.0.13)
      i18n (~> 0.6, >= 0.6.9)
      minitest (~> 4.2)
      multi_json (~> 1.3)
      thread_safe (~> 0.1)
      tzinfo (~> 0.3.37)
    coderay (1.1.1)
    fileutils (0.7)
      rmagick (>= 2.13.1)
    i18n (0.7.0)
    method_source (0.8.2)
    minitest (4.7.5)
    multi_json (1.11.2)
    pg (0.18.4)
    pry (0.10.3)
      coderay (~> 1.1.0)
      method_source (~> 0.8.1)
      slop (~> 3.4)
    puffs (0.2.01)
      activesupport (~> 4.0.13)
      fileutils (~> 0.7)
      pg (~> 0.18)
      pry (~> 0.10.3)
      rack (~> 1.6.4)
      thor (~> 0.19)
    rack (1.6.4)
    rmagick (2.15.4)
    slop (3.6.0)
    thor (0.19.1)
    thread_safe (0.3.5)
    tzinfo (0.3.46)

PLATFORMS
  ruby

DEPENDENCIES
  puffs

BUNDLED WITH
   1.11.2
